GEM
  remote: http://rubygems.org/
  specs:
    abstract (1.0.0)
    actionmailer (3.0.3)
      actionpack (= 3.0.3)
      mail (~> 2.2.9)
    actionpack (3.0.3)
      activemodel (= 3.0.3)
      activesupport (= 3.0.3)
      builder (~> 2.1.2)
      erubis (~> 2.6.6)
      i18n (~> 0.4)
      rack (~> 1.2.1)
      rack-mount (~> 0.6.13)
      rack-test (~> 0.5.6)
      tzinfo (~> 0.3.23)
    active_utils (1.0.5)
      activesupport (>= 2.3.11)
      i18n
    activeadmin (0.3.4)
      devise (>= 1.1.2)
      fastercsv
      formtastic (< 2.0.0)
      inherited_resources (< 1.3.0)
      kaminari (>= 0.12.4)
      meta_search (>= 0.9.2)
      rails (>= 3.0.0)
      sass (>= 3.1.0)
    activemerchant (1.20.3)
      active_utils (>= 1.0.2)
      activesupport (>= 2.3.11)
      braintree (>= 2.0.0)
      builder (>= 2.0.0)
      i18n
      money (<= 3.7.1)
    activemodel (3.0.3)
      activesupport (= 3.0.3)
      builder (~> 2.1.2)
      i18n (~> 0.4)
    activerecord (3.0.3)
      activemodel (= 3.0.3)
      activesupport (= 3.0.3)
      arel (~> 2.0.2)
      tzinfo (~> 0.3.23)
    activeresource (3.0.3)
      activemodel (= 3.0.3)
      activesupport (= 3.0.3)
    activesupport (3.0.3)
    addressable (2.3.2)
    arel (2.0.10)
    aws-s3 (0.6.2)
      builder
      mime-types
      xml-simple
    barista (1.2.1)
      coffee-script (~> 2.2)
    bcrypt-ruby (3.0.1)
    braintree (2.22.0)
      builder (>= 2.0.0)
    builder (2.1.2)
    capybara (2.0.2)
      mime-types (>= 1.16)
      nokogiri (>= 1.3.3)
      rack (>= 1.0.0)
      rack-test (>= 0.5.4)
      selenium-webdriver (~> 2.0)
      xpath (~> 1.0.0)
    carrierwave (0.5.8)
      activesupport (~> 3.0)
    childprocess (0.3.9)
      ffi (~> 1.0, >= 1.0.11)
    chunky_png (1.2.0)
    coderay (1.0.9)
    coffee-script (2.2.0)
      coffee-script-source
      execjs
    coffee-script-source (1.1.2)
    compass (0.11.5)
      chunky_png (~> 1.2)
      fssm (>= 0.2.7)
      sass (~> 3.1)
    database_cleaner (0.9.1)
    devise (1.5.0)
      bcrypt-ruby (~> 3.0)
      orm_adapter (~> 0.0.3)
      warden (~> 1.1)
    diff-lcs (1.2.1)
    dynamic_form (1.1.3)
    erubis (2.6.6)
      abstract (>= 1.0.0)
    excon (0.16.3)
    execjs (1.2.4)
      multi_json (~> 1.0)
    factory_girl (4.2.0)
      activesupport (>= 3.0.0)
    factory_girl_rails (4.2.1)
      factory_girl (~> 4.2.0)
      railties (>= 3.0.0)
    faraday (0.8.6)
      multipart-post (~> 1.1)
    fastercsv (1.5.4)
    ffi (1.4.0)
    fog (1.6.0)
      builder
      excon (~> 0.14)
      formatador (~> 0.2.0)
      mime-types
      multi_json (~> 1.0)
      net-scp (~> 1.0.4)
      net-ssh (>= 2.1.3)
      nokogiri (~> 1.5.0)
      ruby-hmac
    formatador (0.2.3)
    formtastic (1.2.4)
      actionpack (>= 2.3.7)
      activesupport (>= 2.3.7)
      i18n (~> 0.4)
    fssm (0.2.7)
    guard (1.6.2)
      listen (>= 0.6.0)
      lumberjack (>= 1.0.2)
      pry (>= 0.9.10)
      terminal-table (>= 1.4.3)
      thor (>= 0.14.6)
    guard-rspec (2.5.0)
      guard (>= 1.1)
      rspec (~> 2.11)
    guard-spork (1.5.0)
      childprocess (>= 0.2.3)
      guard (>= 1.1)
      spork (>= 0.8.4)
    haml (3.1.7)
    haml-rails (0.3.4)
      actionpack (~> 3.0)
      activesupport (~> 3.0)
      haml (~> 3.0)
      railties (~> 3.0)
    has_scope (0.5.1)
    hashie (1.2.0)
    heroku (2.32.1)
      heroku-api (~> 0.3.5)
      launchy (>= 0.3.2)
      netrc (~> 0.7.7)
      rest-client (~> 1.6.1)
      rubyzip
    heroku-api (0.3.5)
      excon (~> 0.16.1)
    heroku_san (1.0.8)
      heroku
    httpauth (0.2.0)
    i18n (0.6.4)
    inherited_resources (1.2.2)
      has_scope (~> 0.5.0)
      responders (~> 0.6.0)
    jruby-pageant (1.1.1)
    jwt (0.1.6)
      multi_json (>= 1.0)
    kaminari (0.12.4)
      rails (>= 3.0.0)
    launchy (2.1.2)
      addressable (~> 2.3)
    listen (0.7.3)
    lumberjack (1.0.2)
    mail (2.2.19)
      activesupport (>= 2.3.6)
      i18n (>= 0.4.0)
      mime-types (~> 1.16)
      treetop (~> 1.4.8)
    make_resourceful (1.0.1)
    meta_search (1.0.6)
      actionpack (~> 3.0.2)
      activerecord (~> 3.0.2)
      activesupport (~> 3.0.2)
      arel (~> 2.0.2)
    method_source (0.8.1)
    mime-types (1.21)
    money (3.7.1)
      i18n (~> 0.4)
    multi_json (1.0.3)
    multipart-post (1.2.0)
    net-scp (1.0.4)
      net-ssh (>= 1.99.1)
    net-ssh (2.6.0)
      jruby-pageant (>= 1.1.1)
    netrc (0.7.7)
    nokogiri (1.5.5)
    oauth2 (0.8.1)
      faraday (~> 0.8)
      httpauth (~> 0.1)
      jwt (~> 0.1.4)
      multi_json (~> 1.0)
      rack (~> 1.2)
    omniauth (1.1.3)
      hashie (~> 1.2)
      rack
    omniauth-google-oauth2 (0.1.13)
      omniauth (~> 1.0)
      omniauth-oauth2
    omniauth-oauth2 (1.1.1)
      oauth2 (~> 0.8.0)
      omniauth (~> 1.0)
    orm_adapter (0.0.5)
    pg (0.10.1)
    polyglot (0.3.3)
    pry (0.9.12)
      coderay (~> 1.0.5)
      method_source (~> 0.8)
      slop (~> 3.4)
    rack (1.2.8)
    rack-mount (0.6.14)
      rack (>= 1.0.0)
    rack-test (0.5.7)
      rack (>= 1.0)
    rails (3.0.3)
      actionmailer (= 3.0.3)
      actionpack (= 3.0.3)
      activerecord (= 3.0.3)
      activeresource (= 3.0.3)
      activesupport (= 3.0.3)
      bundler (~> 1.0)
      railties (= 3.0.3)
    railties (3.0.3)
      actionpack (= 3.0.3)
      activesupport (= 3.0.3)
      rake (>= 0.8.7)
      thor (~> 0.14.4)
    rake (10.0.3)
    rb-inotify (0.9.0)
      ffi (>= 0.5.0)
    responders (0.6.4)
    rest-client (1.6.7)
      mime-types (>= 1.16)
    rmagick (2.13.1)
    rspec (2.13.0)
      rspec-core (~> 2.13.0)
      rspec-expectations (~> 2.13.0)
      rspec-mocks (~> 2.13.0)
    rspec-core (2.13.1)
    rspec-expectations (2.13.0)
      diff-lcs (>= 1.1.3, < 2.0)
    rspec-mocks (2.13.0)
    rspec-rails (2.13.0)
      actionpack (>= 3.0)
      activesupport (>= 3.0)
      railties (>= 3.0)
      rspec-core (~> 2.13.0)
      rspec-expectations (~> 2.13.0)
      rspec-mocks (~> 2.13.0)
    ruby-hmac (0.4.0)
    rubyzip (0.9.9)
    sass (3.1.7)
    selenium-webdriver (2.31.0)
      childprocess (>= 0.2.5)
      multi_json (~> 1.0)
      rubyzip
      websocket (~> 1.0.4)
    sequel (3.20.0)
    simple_form (2.1.0)
      actionpack (~> 3.0)
      activemodel (~> 3.0)
    sinatra (1.0)
      rack (>= 1.0)
    slop (3.4.4)
    spork (0.9.2)
    state_machine (1.1.2)
    taps (0.3.24)
      rack (>= 1.0.1)
      rest-client (>= 1.4.0, < 1.7.0)
      sequel (~> 3.20.0)
      sinatra (~> 1.0.0)
    terminal-table (1.4.5)
    thor (0.14.6)
    timecop (0.6.1)
    treetop (1.4.12)
      polyglot
      polyglot (>= 0.3.1)
    tzinfo (0.3.37)
    warden (1.1.0)
      rack (>= 1.0)
    websocket (1.0.7)
    xml-simple (1.0.14)
    xpath (1.0.0)
      nokogiri (~> 1.3)

PLATFORMS
  ruby

DEPENDENCIES
  activeadmin
  activemerchant
  aws-s3
  barista
  capybara
  carrierwave
  compass
  database_cleaner
  devise
  dynamic_form
  factory_girl_rails
  fog
  guard-rspec
  guard-spork
  haml
  haml-rails
  heroku
  heroku_san
  make_resourceful
  omniauth
  omniauth-google-oauth2
  pg
  rails (= 3.0.3)
  rb-inotify
  rmagick
  rspec-rails
  sass
  simple_form
  state_machine
  taps (> 0.3.23)
  timecop
